PATH
  remote: .
  specs:
    image_crop_presenter_plugin (0.1.0)

GEM
  remote: https://rubygems.org/
  specs:
    rake (12.3.3)

PLATFORMS
  ruby

DEPENDENCIES
  bundler (~> 1.16)
  image_crop_presenter_plugin!
  rake (~> 12.3)

BUNDLED WITH
   1.17.1
